GIT
  remote: https://github.com/SciRuby/statsample
  revision: 0f283e253df9e4a9c76fa23092f88ed057399ab6
  specs:
    statsample (2.0.2)
      awesome_print (~> 1.6)
      daru (~> 0.1)
      dirty-memoize (~> 0.0.4)
      distribution (~> 0.7)
      extendmatrix (~> 0.4)
      minimization (~> 0.2)
      reportbuilder (~> 1.4)
      rserve-client (~> 0.3)
      rubyvis (~> 0.6.1)
      spreadsheet (~> 1.1)

GEM
  remote: https://rubygems.org/
  specs:
    awesome_print (1.8.0)
    backports (3.8.0)
    clbustos-rtf (0.4.2)
    daru (0.1.5)
      backports
    dirty-memoize (0.0.4)
    distribution (0.7.3)
    extendmatrix (0.4)
    minimization (0.2.3)
      text-table (~> 1.2)
    mysql (2.9.1)
    nmatrix (0.2.3)
      packable (~> 1.3, >= 1.3.5)
    packable (1.3.8)
      backports
    prawn (0.8.4)
      prawn-core (>= 0.8.4, < 0.9)
      prawn-layout (>= 0.8.4, < 0.9)
      prawn-security (>= 0.8.4, < 0.9)
    prawn-core (0.8.4)
    prawn-layout (0.8.4)
    prawn-security (0.8.4)
    prawn-svg (0.9.1.11)
      prawn (>= 0.8.4)
    reportbuilder (1.4.2)
      clbustos-rtf (~> 0.4.0)
      prawn (~> 0.8.4)
      prawn-svg (~> 0.9.1)
      text-table (~> 1.2)
    rserve-client (0.3.2)
    ruby-ole (1.2.12.1)
    rubyvis (0.6.1)
    spreadsheet (1.1.4)
      ruby-ole (>= 1.0)
    text-table (1.2.4)

PLATFORMS
  ruby

DEPENDENCIES
  daru
  distribution
  mysql
  nmatrix
  statsample!

BUNDLED WITH
   1.14.3
